PATH
  remote: .
  specs:
    pointillist (0.0.1)
      textpow (~> 1.3.1)

GEM
  remote: https://rubygems.org/
  specs:
    plist (3.1.0)
    posix-spawn (0.3.8)
    pygments.rb (0.5.4)
      posix-spawn (~> 0.3.6)
      yajl-ruby (~> 1.1.0)
    rake (10.3.2)
    ruby-prof (0.15.1)
    textpow (1.3.1)
      plist (>= 3.0.1)
    yajl-ruby (1.1.0)

PLATFORMS
  ruby

DEPENDENCIES
  pointillist!
  pygments.rb
  rake
  ruby-prof
